PATH
  remote: .
  specs:
    llmalfr (0.1.0)
      pycall (~> 1.4)

GEM
  remote: https://rubygems.org/
  specs:
    diff-lcs (1.6.0)
    pycall (1.5.2)
    rake (13.2.1)
    rspec (3.13.0)
      rspec-core (~> 3.13.0)
      rspec-expectations (~> 3.13.0)
      rspec-mocks (~> 3.13.0)
    rspec-core (3.13.3)
      rspec-support (~> 3.13.0)
    rspec-expectations (3.13.3)
      diff-lcs (>= 1.2.0, < 2.0)
      rspec-support (~> 3.13.0)
    rspec-mocks (3.13.2)
      diff-lcs (>= 1.2.0, < 2.0)
      rspec-support (~> 3.13.0)
    rspec-support (3.13.2)

PLATFORMS
  arm64-darwin-24
  ruby

DEPENDENCIES
  bundler (~> 2.0)
  llmalfr!
  rake (~> 13.0)
  rspec (~> 3.0)

BUNDLED WITH
   2.6.2
