PATH
  remote: .
  specs:
    llmalfr (0.1.0)

GEM
  remote: https://rubygems.org/
  specs:
    power_assert (2.0.5)
    rake (13.2.1)
    test-unit (3.6.7)
      power_assert

PLATFORMS
  arm64-darwin-24
  ruby

DEPENDENCIES
  bundler (~> 2.0)
  llmalfr!
  rake (~> 13.0)
  test-unit (~> 3.6.7)

BUNDLED WITH
   2.6.2
